GEM
  remote: https://rubygems.org/
  specs:
    lrama (0.5.3)

PLATFORMS
  x86_64-linux

DEPENDENCIES
  lrama

BUNDLED WITH
   2.5.0.dev
